GEM
  remote: https://rubygems.org/
  specs:
    addressable (2.8.1)
      public_suffix (>= 2.0.2, < 6.0)
    coderay (1.1.2)
    dotenv (2.2.1)
    faraday (0.14.0)
      multipart-post (>= 1.2, < 3)
    git (1.13.0)
      addressable (~> 2.8)
      rchardet (~> 1.8)
    method_source (0.9.2)
    mini_portile2 (2.3.0)
    multipart-post (2.0.0)
    nokogiri (1.8.2)
      mini_portile2 (~> 2.3.0)
    pry (0.12.2)
      coderay (~> 1.1.0)
      method_source (~> 0.9.0)
    public_suffix (5.0.1)
    rchardet (1.8.0)

PLATFORMS
  ruby

DEPENDENCIES
  dotenv
  faraday
  git
  nokogiri
  pry

BUNDLED WITH
   1.16.2
